GEM
  remote: https://rubygems.org/
  specs:
    bootstrap-sass (3.2.0.2)
      sass (~> 3.2)
    builder (3.2.2)
    capybara (2.2.1)
      mime-types (>= 1.16)
      nokogiri (>= 1.3.3)
      rack (>= 1.0.0)
      rack-test (>= 0.5.4)
      xpath (~> 2.0)
    childprocess (0.5.2)
      ffi (~> 1.0, >= 1.0.11)
    chunky_png (1.3.1)
    cliver (0.3.2)
    compass (1.0.1)
      chunky_png (~> 1.2)
      compass-core (~> 1.0.1)
      compass-import-once (~> 1.0.5)
      rb-fsevent (>= 0.9.3)
      rb-inotify (>= 0.9)
      sass (>= 3.3.13, < 3.5)
    compass-core (1.0.1)
      multi_json (~> 1.0)
      sass (>= 3.3.0, < 3.5)
    compass-import-once (1.0.5)
      sass (>= 3.2, < 3.5)
    cucumber (1.3.14)
      builder (>= 2.1.2)
      diff-lcs (>= 1.1.3)
      gherkin (~> 2.12)
      multi_json (>= 1.7.5, < 2.0)
      multi_test (>= 0.1.1)
    database_cleaner (1.2.0)
    diff-lcs (1.2.5)
    ffi (1.9.3)
    gherkin (2.12.2)
      multi_json (~> 1.3)
    mime-types (2.2)
    mini_portile (0.5.3)
    multi_json (1.9.2)
    multi_test (0.1.1)
    mysql2 (0.3.15)
    nokogiri (1.6.1)
      mini_portile (~> 0.5.0)
    poltergeist (1.5.0)
      capybara (~> 2.1)
      cliver (~> 0.3.1)
      multi_json (~> 1.0)
      websocket-driver (>= 0.2.0)
    rack (1.5.2)
    rack-test (0.6.2)
      rack (>= 1.0)
    rb-fsevent (0.9.4)
    rb-inotify (0.9.5)
      ffi (>= 0.5.0)
    rspec-expectations (2.14.5)
      diff-lcs (>= 1.1.3, < 2.0)
    rubyzip (1.1.3)
    sass (3.4.2)
    selenium-webdriver (2.41.0)
      childprocess (>= 0.5.0)
      multi_json (~> 1.0)
      rubyzip (~> 1.0)
      websocket (~> 1.0.4)
    sequel (4.10.0)
    websocket (1.0.7)
    websocket-driver (0.3.2)
    xpath (2.0.0)
      nokogiri (~> 1.3)

PLATFORMS
  ruby

DEPENDENCIES
  bootstrap-sass
  capybara
  compass
  cucumber
  database_cleaner
  mysql2
  poltergeist
  rspec-expectations
  selenium-webdriver
  sequel
